GEM
  remote: https://rubygems.org/
  specs:
    babosa (0.3.9)

PLATFORMS
  ruby

DEPENDENCIES
  babosa
